GEM
  remote: https://rubygems.org/
  specs:
    haml (3.1.6)
    listen (0.7.3)
    rack (1.5.2)
    rack-protection (1.5.0)
      rack
    rb-fsevent (0.9.1)
    rerun (0.8.0)
      listen
    sinatra (1.4.2)
      rack (~> 1.5, >= 1.5.2)
      rack-protection (~> 1.4)
      tilt (~> 1.3, >= 1.3.4)
    tilt (1.3.7)

PLATFORMS
  ruby

DEPENDENCIES
  haml
  rb-fsevent
  rerun
  sinatra
